PATH
  remote: .
  specs:
    ontologies_api_client (2.0.3)
      activesupport (~> 6.0.4)
      excon
      faraday
      lz4-ruby
      multi_json
      oj
      spawnling (= 2.1.5)

GEM
  remote: https://rubygems.org/
  specs:
    activesupport (6.0.4.4)
      concurrent-ruby (~> 1.0, >= 1.0.2)
      i18n (>= 0.7, < 2)
      minitest (~> 5.1)
      tzinfo (~> 1.1)
      zeitwerk (~> 2.2, >= 2.2.2)
    coderay (1.1.3)
    concurrent-ruby (1.1.9)
    excon (0.89.0)
    faraday (2.0.0)
      ruby2_keywords (>= 0.0.4)
    i18n (1.8.11)
      concurrent-ruby (~> 1.0)
    lz4-ruby (0.3.3)
    method_source (1.0.0)
    minitest (5.15.0)
    multi_json (1.15.0)
    oj (3.13.10)
    power_assert (2.0.1)
    pry (0.14.1)
      coderay (~> 1.1)
      method_source (~> 1.0)
    rake (13.0.6)
    ruby2_keywords (0.0.5)
    spawnling (2.1.5)
    test-unit (3.5.3)
      power_assert
    thread_safe (0.3.6)
    tzinfo (1.2.9)
      thread_safe (~> 0.1)
    zeitwerk (2.5.3)

PLATFORMS
  ruby

DEPENDENCIES
  ontologies_api_client!
  pry
  rake
  test-unit

BUNDLED WITH
   2.1.4
